GEM
  remote: https://rubygems.org/
  specs:
    mini_portile (0.5.1)
    nokogiri (1.6.0)
      mini_portile (~> 0.5.0)
    sequel (4.1.1)

PLATFORMS
  ruby

DEPENDENCIES
  nokogiri
  sequel
